GEM
  remote: https://rubygems.org/
  specs:
    coderay (1.0.9)
    json (1.7.7)
    method_source (0.8.2)
    minitest (5.0.8)
    nokogiri (1.5.6)
    pry (0.9.12.2)
      coderay (~> 1.0.5)
      method_source (~> 0.8)
      slop (~> 3.4)
    rake (10.1.0)
    slop (3.4.6)

PLATFORMS
  ruby

DEPENDENCIES
  json
  minitest
  nokogiri
  pry
  rake
